GEM
  remote: http://rubygems.org/
  specs:
    actionmailer (2.3.14)
      actionpack (= 2.3.14)
    actionpack (2.3.14)
      activesupport (= 2.3.14)
      rack (~> 1.1.0)
    activerecord (2.3.14)
      activesupport (= 2.3.14)
    activeresource (2.3.14)
      activesupport (= 2.3.14)
    activesupport (2.3.14)
    acts_as_reportable (1.1.1)
      ruport (>= 1.6.0)
    airbrake (3.0.9)
      activesupport
      builder
    bluecloth (2.2.0)
    builder (3.0.0)
    capistrano (2.9.0)
      highline
      net-scp (>= 1.0.0)
      net-sftp (>= 2.0.0)
      net-ssh (>= 2.0.14)
      net-ssh-gateway (>= 1.1.0)
    capistrano-ext (1.2.1)
      capistrano (>= 1.0.0)
    color (1.4.1)
    cucumber (1.1.4)
      builder (>= 2.1.2)
      diff-lcs (>= 1.1.2)
      gherkin (~> 2.7.1)
      json (>= 1.4.6)
      term-ansicolor (>= 1.0.6)
    cucumber-rails (0.3.2)
      cucumber (>= 0.8.0)
    database_cleaner (0.7.0)
    diff-lcs (1.1.3)
    email_spec (0.6.6)
      rspec
    factory_girl (1.2.1)
    fastercsv (1.2.3)
    gherkin (2.7.2)
      json (>= 1.4.6)
    googlecharts (1.6.3)
    highline (1.6.9)
    hoe (2.12.5)
      rake (~> 0.8)
    hpricot (0.6.161)
    json (1.6.4)
    mysql (2.8.1)
    net-scp (1.0.4)
      net-ssh (>= 1.99.1)
    net-sftp (2.0.5)
      net-ssh (>= 2.0.9)
    net-ssh (2.2.1)
    net-ssh-gateway (1.1.0)
      net-ssh (>= 1.99.1)
    newrelic_rpm (2.14.1)
    nokogiri (1.4.4)
    pdf-writer (1.1.8)
      color (>= 1.4.0)
      transaction-simple (~> 1.3)
    rack (1.1.3)
    rack-test (0.6.1)
      rack (>= 1.0)
    rails (2.3.14)
      actionmailer (= 2.3.14)
      actionpack (= 2.3.14)
      activerecord (= 2.3.14)
      activeresource (= 2.3.14)
      activesupport (= 2.3.14)
      rake (>= 0.8.3)
    rake (0.9.2.2)
    rcov (0.9.11)
    rdoc (3.12)
      json (~> 1.4)
    responds_to_parent (1.0.20091013)
    rspec (1.3.2)
    rspec-rails (1.3.4)
      rack (>= 1.0.0)
      rspec (~> 1.3.1)
    ruport (1.6.1)
      fastercsv (= 1.2.3)
      pdf-writer (= 1.1.8)
    system_timer (1.2.4)
    term-ansicolor (1.0.7)
    transaction-simple (1.4.0)
      hoe (>= 1.1.7)
    webrat (0.7.3)
      nokogiri (>= 1.2.0)
      rack (>= 1.0)
      rack-test (>= 0.5.3)

PLATFORMS
  ruby

DEPENDENCIES
  acts_as_reportable (= 1.1.1)
  airbrake (~> 3.0.5)
  bluecloth (> 2.0.0)
  capistrano
  capistrano-ext
  cucumber (= 1.1.4)
  cucumber-rails (= 0.3.2)
  database_cleaner (>= 0.5.0)
  email_spec (= 0.6.6)
  factory_girl (= 1.2.1)
  fastercsv (= 1.2.3)
  googlecharts (= 1.6.3)
  hpricot (= 0.6.161)
  mysql
  newrelic_rpm (= 2.14.1)
  nokogiri (= 1.4.4)
  pdf-writer
  rack (~> 1.1.0)
  rack-test
  rails (= 2.3.14)
  rcov (>= 0.9.9)
  rdoc (> 2.4.2)
  responds_to_parent
  rspec-rails (= 1.3.4)
  ruport (= 1.6.1)
  system_timer
  webrat (>= 0.7.0)
