GEM
  remote: http://rubygems.org/
  specs:
    Saikuro (1.1.0)
    actionmailer (2.3.14)
      actionpack (= 2.3.14)
    actionpack (2.3.14)
      activesupport (= 2.3.14)
      rack (~> 1.1.0)
    activerecord (2.3.14)
      activesupport (= 2.3.14)
    activeresource (2.3.14)
      activesupport (= 2.3.14)
    activesupport (2.3.14)
    acts_as_reportable (1.1.1)
      ruport (>= 1.6.0)
    airbrake (3.0.9)
      activesupport
      builder
    arrayfields (4.7.4)
    bluecloth (2.2.0)
    builder (3.0.0)
    capistrano (2.5.0)
      highline
      net-scp (>= 1.0.0)
      net-sftp (>= 2.0.0)
      net-ssh (>= 2.0.0)
      net-ssh-gateway (>= 1.0.0)
    capistrano-ext (1.2.1)
      capistrano (>= 1.0.0)
    chronic (0.3.0)
    churn (0.0.13)
      chronic (>= 0.2.3)
      hirb
      json_pure
      main
      ruby_parser (~> 2.0.4)
      sexp_processor (~> 3.0.3)
    color (1.4.1)
    colored (1.2)
    cucumber (1.1.4)
      builder (>= 2.1.2)
      diff-lcs (>= 1.1.2)
      gherkin (~> 2.7.1)
      json (>= 1.4.6)
      term-ansicolor (>= 1.0.6)
    cucumber-rails (0.3.2)
      cucumber (>= 0.8.0)
    daemons (1.1.5)
    database_cleaner (0.7.0)
    diff-lcs (1.1.3)
    email_spec (0.6.6)
      rspec
    erubis (2.7.0)
    eventmachine (0.12.10)
    factory_girl (1.3.3)
    fastercsv (1.2.3)
    fattr (2.2.0)
    flay (1.4.3)
      ruby_parser (~> 2.0)
      sexp_processor (~> 3.0)
    flog (2.5.3)
      ruby_parser (~> 2.0)
      sexp_processor (~> 3.0)
    gherkin (2.7.2)
      json (>= 1.4.6)
    googlecharts (1.6.3)
    highline (1.6.9)
    hirb (0.6.0)
    hoe (2.12.5)
      rake (~> 0.8)
    hpricot (0.6.161)
    i18n (0.6.0)
    json (1.6.4)
    json_pure (1.6.5)
    main (4.6.0)
      arrayfields (>= 4.7.4)
      fattr (>= 2.1.0)
      map (>= 2.0.0)
    map (5.2.0)
    metric_fu (2.1.1)
      Saikuro (>= 1.1.0)
      activesupport (>= 2.0.0)
      chronic (~> 0.3.0)
      churn (>= 0.0.7)
      flay (>= 1.2.1)
      flog (>= 2.3.0)
      rails_best_practices (>= 0.6.4)
      rcov (>= 0.8.3.3)
      reek (>= 1.2.6)
      roodi (>= 2.1.0)
      syntax
    metrical (0.0.7)
      main (~> 4.6.0)
      metric_fu (~> 2.1.1)
      rake
    mysql (2.8.1)
    net-scp (1.0.4)
      net-ssh (>= 1.99.1)
    net-sftp (2.0.5)
      net-ssh (>= 2.0.9)
    net-ssh (2.3.0)
    net-ssh-gateway (1.1.0)
      net-ssh (>= 1.99.1)
    newrelic_rpm (2.14.1)
    nokogiri (1.4.4)
    pdf-writer (1.1.8)
      color (>= 1.4.0)
      transaction-simple (~> 1.3)
    progressbar (0.9.2)
    rack (1.1.3)
    rack-test (0.6.1)
      rack (>= 1.0)
    rails (2.3.14)
      actionmailer (= 2.3.14)
      actionpack (= 2.3.14)
      activerecord (= 2.3.14)
      activeresource (= 2.3.14)
      activesupport (= 2.3.14)
      rake (>= 0.8.3)
    rails_best_practices (1.7.2)
      activesupport
      colored
      erubis
      i18n
      progressbar
      sexp_processor
    rake (0.9.2.2)
    rcov (0.9.11)
    rdoc (3.12)
      json (~> 1.4)
    reek (1.2.8)
      ruby2ruby (~> 1.2)
      ruby_parser (~> 2.0)
      sexp_processor (~> 3.0)
    responds_to_parent (1.0.20091013)
    ripper (1.0.5)
    roodi (2.1.0)
      ruby_parser
    rspec (1.3.2)
    rspec-rails (1.3.4)
      rack (>= 1.0.0)
      rspec (~> 1.3.1)
    ruby2ruby (1.3.1)
      ruby_parser (~> 2.0)
      sexp_processor (~> 3.0)
    ruby_parser (2.0.6)
      sexp_processor (~> 3.0)
    ruport (1.6.1)
      fastercsv (= 1.2.3)
      pdf-writer (= 1.1.8)
    sexp_processor (3.0.10)
    syntax (1.0.0)
    system_timer (1.2.4)
    term-ansicolor (1.0.7)
    thin (1.3.1)
      daemons (>= 1.0.9)
      eventmachine (>= 0.12.6)
      rack (>= 1.0.0)
    transaction-simple (1.4.0)
      hoe (>= 1.1.7)
    webrat (0.7.3)
      nokogiri (>= 1.2.0)
      rack (>= 1.0)
      rack-test (>= 0.5.3)

PLATFORMS
  ruby

DEPENDENCIES
  acts_as_reportable (= 1.1.1)
  airbrake (~> 3.0.5)
  bluecloth (> 2.0.0)
  capistrano (= 2.5.0)
  capistrano-ext
  cucumber (= 1.1.4)
  cucumber-rails (= 0.3.2)
  database_cleaner (>= 0.5.0)
  email_spec (= 0.6.6)
  factory_girl (= 1.3.3)
  fastercsv (= 1.2.3)
  googlecharts (= 1.6.3)
  hpricot (= 0.6.161)
  metrical
  mysql
  newrelic_rpm (= 2.14.1)
  nokogiri (= 1.4.4)
  pdf-writer
  rack (~> 1.1.0)
  rack-test
  rails (= 2.3.14)
  rake
  rcov (>= 0.9.9)
  rdoc (> 2.4.2)
  responds_to_parent
  ripper
  rspec-rails (= 1.3.4)
  ruport (= 1.6.1)
  system_timer
  thin
  webrat (>= 0.7.0)
